{
  "AcquisitionMatrixPE": 80,
  "AcquisitionNumber": 1,
  "AcquisitionTime": "17:19:37.970000",
  "BandwidthPerPixelPhaseEncode": 24.51,
  "BaseResolution": 80,
  "BodyPartExamined": "BRAIN",
  "CoilCombinationMethod": "Sum of Squares",
  "ConsistencyInfo": "N4_VE11C_LATEST_20160120",
  "ConversionSoftware": "dcm2niix",
  "ConversionSoftwareVersion": "v1.0.20220720",
  "DerivedVendorReportedEchoSpacing": 0.000509996,
  "DeviceSerialNumber": "166048",
  "DwellTime": 2.8e-06,
  "EchoTime": 0.029,
  "EchoTrainLength": 80,
  "EffectiveEchoSpacing": 0.000509996,
  "FlipAngle": 74,
  "HeudiconvVersion": "1.0.0",
  "ImageComments": "Unaliased MB2/PE2/LB",
  "ImageOrientationPatientDICOM": [1, 0, 0, 0, 0.978867, -0.204496],
  "ImageOrientationText": "Tra>Cor(-11.8)",
  "ImageType": [
    "ORIGINAL",
    "PRIMARY",
    "M",
    "MB",
    "ND",
    "NORM",
    "MOSAIC"
],
  "ImagingFrequency": 123.246,
  "InPlanePhaseEncodingDirectionDICOM": "COL",
  "InstitutionAddress": "North 13th 1701,Philadelphia,PA,US,19122",
  "InstitutionName": "Temple University - Weiss Hall",
  "InstitutionalDepartmentName": "Department",
  "MRAcquisitionType": "2D",
  "MagneticFieldStrength": 3,
  "Manufacturer": "Siemens",
  "ManufacturersModelName": "Prisma",
  "MatrixCoilMode": "SENSE",
  "Modality": "MR",
  "MultibandAccelerationFactor": 2,
  "NonlinearGradientCorrection": false,
  "PartialFourier": 1,
  "PatientPosition": "HFS",
  "PercentPhaseFOV": 100,
  "PercentSampling": 100,
  "PhaseEncodingDirection": "j-",
  "PhaseEncodingSteps": 80,
  "PhaseResolution": 1,
  "PixelBandwidth": 2230,
  "ProcedureStepDescription": "Smith Lab^Smith_iStart",
  "ProtocolName": "cmrr_mbep2d_mb2_3mm_task-MID_run0",
  "PulseSequenceDetails": "%CustomerSeq%\\cmrr_mbep2d_bold",
  "ReceiveCoilActiveElements": "HE2,4;NE2",
  "ReceiveCoilName": "HeadNeck_20",
  "ReconMatrixPE": 80,
  "RepetitionTime": 1.75,
  "SAR": 0.0602607,
  "ScanOptions": "FS",
  "ScanningSequence": "EP",
  "SequenceName": "epfid2d1_80",
  "SequenceVariant": "SK\\SS",
  "SeriesDescription": "cmrr_mbep2d_mb2_3mm_task-MID_run0",
  "SeriesNumber": 18,
  "ShimSetting": [1411, -7453, 6570, 539, -34, -100, -61, 39],
  "SliceThickness": 3,
  "SliceTiming": [0, 1.265, 0.8, 0.335, 1.5975, 1.1325, 0.6675, 0.2, 1.465, 1, 0.5325, 0.0675, 1.3325, 0.865, 0.4, 1.665, 1.1975, 0.7325, 0.2675, 1.5325, 1.065, 0.6, 0.135, 1.3975, 0.9325, 0.4675, 0, 1.265, 0.8, 0.335, 1.5975, 1.1325, 0.6675, 0.2, 1.465, 1, 0.5325, 0.0675, 1.3325, 0.865, 0.4, 1.665, 1.1975, 0.7325, 0.2675, 1.5325, 1.065, 0.6, 0.135, 1.3975, 0.9325, 0.4675],
  "SoftwareVersions": "syngo MR E11",
  "SpacingBetweenSlices": 3,
  "StationName": "AWP166048",
  "TaskName": "mid",
  "TotalReadoutTime": 0.0402897,
  "TxRefAmp": 250.873,
  "WipMemBlock": "15734692-7036-42be-a0e5-91209b9abcf3||Sequence: R016 ve11c/master r/e634e98; Dec 19 2017 11:00:25 by eja"
}