{
  "AcquisitionMatrixPE": 80,
  "AcquisitionNumber": 1,
  "AcquisitionTime": "16:19:14.542500",
  "BandwidthPerPixelPhaseEncode": 24.51,
  "BaseResolution": 80,
  "BodyPartExamined": "BRAIN",
  "CoilCombinationMethod": "Sum of Squares",
  "ConsistencyInfo": "N4_VE11E_LATEST_20181129",
  "ConversionSoftware": "dcm2niix",
  "ConversionSoftwareVersion": "v1.0.20220720",
  "DerivedVendorReportedEchoSpacing": 0.000509996,
  "DeviceSerialNumber": "166048",
  "DwellTime": 2.8e-06,
  "EchoTime": 0.029,
  "EchoTrainLength": 80,
  "EffectiveEchoSpacing": 0.000509996,
  "FlipAngle": 74,
  "HeudiconvVersion": "1.0.0",
  "ImageComments": "Single-band reference",
  "ImageOrientationPatientDICOM": [1, 0, 0, 0, 0.984503, -0.175367],
  "ImageOrientationText": "Tra>Cor(-10.1)",
  "ImageType": [
    "ORIGINAL",
    "PRIMARY",
    "M",
    "ND",
    "NORM",
    "MOSAIC"
],
  "ImagingFrequency": 123.246,
  "InPlanePhaseEncodingDirectionDICOM": "COL",
  "InstitutionAddress": "North 13th 1701,Philadelphia,PA,US,19122",
  "InstitutionName": "Temple University - Weiss Hall",
  "InstitutionalDepartmentName": "Department",
  "MRAcquisitionType": "2D",
  "MagneticFieldStrength": 3,
  "Manufacturer": "Siemens",
  "ManufacturersModelName": "Prisma",
  "MatrixCoilMode": "SENSE",
  "Modality": "MR",
  "NonlinearGradientCorrection": false,
  "PartialFourier": 1,
  "PatientPosition": "HFS",
  "PercentPhaseFOV": 100,
  "PercentSampling": 100,
  "PhaseEncodingDirection": "j-",
  "PhaseEncodingSteps": 80,
  "PhaseResolution": 1,
  "PixelBandwidth": 2230,
  "ProcedureStepDescription": "Smith Lab^Smith_iStart",
  "ProtocolName": "cmrr_mbep2d_mb2_3mm_task-sr-social_run0",
  "PulseSequenceDetails": "%CustomerSeq%\\cmrr_mbep2d_bold",
  "ReceiveCoilActiveElements": "HE1-4",
  "ReceiveCoilName": "HeadNeck_20",
  "ReconMatrixPE": 80,
  "RepetitionTime": 1.75,
  "SAR": 0.0521946,
  "ScanOptions": "FS",
  "ScanningSequence": "EP",
  "SequenceName": "epfid2d1_80",
  "SequenceVariant": "SK\\SS",
  "SeriesDescription": "cmrr_mbep2d_mb2_3mm_task-sr-social_run0_SBRef",
  "SeriesNumber": 13,
  "ShimSetting": [1421, -7400, 6490, 340, -16, -61, -162, 59],
  "SliceThickness": 3,
  "SliceTiming": [0, 0.0675, 0.135, 0.2, 0.2675, 0.3325, 0.4, 0.4675, 0.5325, 0.6, 0.665, 0.7325, 0.8, 0.865, 0.9325, 1, 1.065, 1.1325, 1.1975, 1.265, 1.3325, 1.3975, 1.465, 1.53, 1.5975, 1.665, 1.73, 1.7975, 1.8625, 1.93, 1.9975, 2.0625, 2.13, 2.1975, 2.2625, 2.33, 2.395, 2.4625, 2.53, 2.595, 2.6625, 2.7275, 2.795, 2.8625, 2.9275, 2.995, 3.06, 3.1275, 3.195, 3.26, 3.3275, 3.395],
  "SoftwareVersions": "syngo MR E11",
  "SpacingBetweenSlices": 3,
  "StationName": "AWP166048",
  "TaskName": "socialdoors",
  "TotalReadoutTime": 0.0402897,
  "TxRefAmp": 239.849,
  "WipMemBlock": "7f480930-3afe-4afb-9f82-618d12168e2e||Sequence: R016 ve11e/master r/434b28f1; Aug  7 2019 18:53:46 by eja"
}