{
  "AcquisitionMatrixPE": 80,
  "AcquisitionNumber": 1,
  "AcquisitionTime": "16:36:7.692500",
  "BandwidthPerPixelPhaseEncode": 24.51,
  "BaseResolution": 80,
  "BodyPartExamined": "BRAIN",
  "CoilCombinationMethod": "Sum of Squares",
  "ConsistencyInfo": "N4_VE11E_LATEST_20181129",
  "ConversionSoftware": "dcm2niix",
  "ConversionSoftwareVersion": "v1.0.20220720",
  "DerivedVendorReportedEchoSpacing": 0.000509996,
  "DeviceSerialNumber": "166048",
  "DwellTime": 2.8e-06,
  "EchoTime": 0.029,
  "EchoTrainLength": 80,
  "EffectiveEchoSpacing": 0.000509996,
  "FlipAngle": 74,
  "HeudiconvVersion": "1.0.0",
  "ImageComments": "Single-band reference",
  "ImageOrientationPatientDICOM": [1, 0, 0, 0, 0.984503, -0.175367],
  "ImageOrientationText": "Tra>Cor(-10.1)",
  "ImageType": [
    "ORIGINAL",
    "PRIMARY",
    "M",
    "ND",
    "NORM",
    "MOSAIC"
],
  "ImagingFrequency": 123.246,
  "InPlanePhaseEncodingDirectionDICOM": "COL",
  "InstitutionAddress": "North 13th 1701,Philadelphia,PA,US,19122",
  "InstitutionName": "Temple University - Weiss Hall",
  "InstitutionalDepartmentName": "Department",
  "MRAcquisitionType": "2D",
  "MagneticFieldStrength": 3,
  "Manufacturer": "Siemens",
  "ManufacturersModelName": "Prisma",
  "MatrixCoilMode": "SENSE",
  "Modality": "MR",
  "NonlinearGradientCorrection": false,
  "PartialFourier": 1,
  "PatientPosition": "HFS",
  "PercentPhaseFOV": 100,
  "PercentSampling": 100,
  "PhaseEncodingDirection": "j-",
  "PhaseEncodingSteps": 80,
  "PhaseResolution": 1,
  "PixelBandwidth": 2230,
  "ProcedureStepDescription": "Smith Lab^Smith_iStart",
  "ProtocolName": "cmrr_mbep2d_mb2_3mm_task-shared_run1",
  "PulseSequenceDetails": "%CustomerSeq%\\cmrr_mbep2d_bold",
  "ReceiveCoilActiveElements": "HE1-4",
  "ReceiveCoilName": "HeadNeck_20",
  "ReconMatrixPE": 80,
  "RepetitionTime": 1.75,
  "SAR": 0.0521674,
  "ScanOptions": "FS",
  "ScanningSequence": "EP",
  "SequenceName": "epfid2d1_80",
  "SequenceVariant": "SK\\SS",
  "SeriesDescription": "cmrr_mbep2d_mb2_3mm_task-shared_run1_SBRef",
  "SeriesNumber": 17,
  "ShimSetting": [1421, -7400, 6490, 340, -16, -61, -162, 59],
  "SliceThickness": 3,
  "SliceTiming": [0, 0.065, 0.1325, 0.2, 0.265, 0.3325, 0.4, 0.465, 0.5325, 0.5975, 0.665, 0.7325, 0.7975, 0.865, 0.93, 0.9975, 1.065, 1.13, 1.1975, 1.2625, 1.33, 1.3975, 1.4625, 1.53, 1.5975, 1.6625, 1.73, 1.795, 1.8625, 1.93, 1.995, 2.0625, 2.1275, 2.195, 2.2625, 2.3275, 2.395, 2.46, 2.5275, 2.595, 2.66, 2.7275, 2.795, 2.86, 2.9275, 2.9925, 3.06, 3.1275, 3.1925, 3.26, 3.325, 3.3925],
  "SoftwareVersions": "syngo MR E11",
  "SpacingBetweenSlices": 3,
  "StationName": "AWP166048",
  "TaskName": "sharedreward",
  "TotalReadoutTime": 0.0402897,
  "TxRefAmp": 239.849,
  "WipMemBlock": "97bc21f3-ad82-4750-ba8e-8f125355e450||Sequence: R016 ve11e/master r/434b28f1; Aug  7 2019 18:53:46 by eja"
}