{
  "AcquisitionMatrixPE": 80,
  "AcquisitionNumber": 1,
  "AcquisitionTime": "11:05:35.152500",
  "BandwidthPerPixelPhaseEncode": 24.51,
  "BaseResolution": 80,
  "BodyPartExamined": "BRAIN",
  "CoilCombinationMethod": "Sum of Squares",
  "ConsistencyInfo": "N4_VE11E_LATEST_20181129",
  "ConversionSoftware": "dcm2niix",
  "ConversionSoftwareVersion": "v1.0.20220720",
  "DerivedVendorReportedEchoSpacing": 0.000509996,
  "DeviceSerialNumber": "166048",
  "DwellTime": 2.8e-06,
  "EchoTime": 0.029,
  "EchoTrainLength": 80,
  "EffectiveEchoSpacing": 0.000509996,
  "FlipAngle": 74,
  "HeudiconvVersion": "1.0.0",
  "ImageComments": "Unaliased MB2/PE2/LB",
  "ImageOrientationPatientDICOM": [1, -5.62496e-06, 0.000155155, -6.25068e-08, 0.999329, 0.0366323],
  "ImageOrientationText": "Tra>Cor(2.1)>Sag(0.0)",
  "ImageType": [
    "ORIGINAL",
    "PRIMARY",
    "M",
    "MB",
    "ND",
    "NORM",
    "MOSAIC"
],
  "ImagingFrequency": 123.246,
  "InPlanePhaseEncodingDirectionDICOM": "COL",
  "InstitutionAddress": "North 13th 1701,Philadelphia,PA,US,19122",
  "InstitutionName": "Temple University - Weiss Hall",
  "InstitutionalDepartmentName": "Department",
  "MRAcquisitionType": "2D",
  "MagneticFieldStrength": 3,
  "Manufacturer": "Siemens",
  "ManufacturersModelName": "Prisma",
  "MatrixCoilMode": "SENSE",
  "Modality": "MR",
  "MultibandAccelerationFactor": 2,
  "NonlinearGradientCorrection": false,
  "PartialFourier": 1,
  "PatientPosition": "HFS",
  "PercentPhaseFOV": 100,
  "PercentSampling": 100,
  "PhaseEncodingDirection": "j-",
  "PhaseEncodingSteps": 80,
  "PhaseResolution": 1,
  "PixelBandwidth": 2230,
  "ProcedureStepDescription": "Smith Lab^Smith_iStart",
  "ProtocolName": "cmrr_mbep2d_mb2_3mm_task-shared_run1",
  "PulseSequenceDetails": "%CustomerSeq%\\cmrr_mbep2d_bold",
  "ReceiveCoilActiveElements": "HE1-4;NE1,2",
  "ReceiveCoilName": "HeadNeck_20",
  "ReconMatrixPE": 80,
  "RepetitionTime": 1.75,
  "SAR": 0.0575766,
  "ScanOptions": "FS",
  "ScanningSequence": "EP",
  "SequenceName": "epfid2d1_80",
  "SequenceVariant": "SK\\SS",
  "SeriesDescription": "cmrr_mbep2d_mb2_3mm_task-shared_run1",
  "SeriesNumber": 20,
  "ShimSetting": [1427, -7431, 6428, 348, 80, -120, -250, 41],
  "SliceThickness": 3,
  "SliceTiming": [0, 1.2625, 0.7975, 0.3325, 1.5975, 1.13, 0.665, 0.2, 1.4625, 0.9975, 0.5325, 0.065, 1.33, 0.865, 0.3975, 1.6625, 1.1975, 0.7325, 0.265, 1.53, 1.065, 0.5975, 0.1325, 1.3975, 0.93, 0.465, 0, 1.2625, 0.7975, 0.3325, 1.5975, 1.13, 0.665, 0.2, 1.4625, 0.9975, 0.5325, 0.065, 1.33, 0.865, 0.3975, 1.6625, 1.1975, 0.7325, 0.265, 1.53, 1.065, 0.5975, 0.1325, 1.3975, 0.93, 0.465],
  "SoftwareVersions": "syngo MR E11",
  "SpacingBetweenSlices": 3,
  "StationName": "AWP166048",
  "TaskName": "sharedreward",
  "TotalReadoutTime": 0.0402897,
  "TxRefAmp": 251.173,
  "WipMemBlock": "50d9d8bd-66f0-4a5e-8230-68cee8841fab||Sequence: R016 ve11e/master r/434b28f1; Aug  7 2019 18:53:46 by eja"
}